GEM
  remote: http://rubygems.org/
  specs:
    em-zeromq (0.2.2)
      eventmachine (>= 1.0.0.beta.4)
      ffi (>= 1.0.0)
      ffi-rzmq (~> 0.9.0)
    eventmachine (1.0.0.beta.4)
    ffi (1.0.11)
    ffi-rzmq (0.9.2)
      ffi (>= 1.0.9)
    git (1.2.5)
    jeweler (1.6.4)
      bundler (~> 1.0)
      git (>= 1.2.5)
      rake
    rake (0.9.2)
    rcov (0.9.10)
    shoulda (2.11.3)

PLATFORMS
  ruby

DEPENDENCIES
  bundler (~> 1.0.0)
  em-zeromq (= 0.2.2)
  jeweler (~> 1.6.4)
  rcov
  shoulda
