GEM
  remote: http://rubygems.org/
  specs:
    eventmachine (0.12.10)
    ffi (1.0.11)
    ffi-rzmq (0.9.3)
      ffi
    git (1.2.5)
    jeweler (1.6.4)
      bundler (~> 1.0)
      git (>= 1.2.5)
      rake
    rake (0.9.2)
    rcov (0.9.10)
    shoulda (2.11.3)

PLATFORMS
  ruby

DEPENDENCIES
  bundler (~> 1.0.0)
  eventmachine (= 0.12.10)
  ffi-rzmq (= 0.9.3)
  jeweler (~> 1.6.4)
  rcov
  shoulda
